GEM
  remote: http://rubygems.org/
  specs:
    jruby-jars (1.7.1)
    jruby-rack (1.1.12)
    minitest (2.12.1)
    purdytest (1.0.0)
      minitest (~> 2.2)
    rake (10.0.2)
    rubyzip (0.9.9)
    warbler (1.3.6)
      jruby-jars (>= 1.4.0)
      jruby-rack (>= 1.0.0)
      rake (>= 0.8.7)
      rubyzip (>= 0.9.4)
    watchr (0.7)

PLATFORMS
  java

DEPENDENCIES
  jruby-jars
  minitest
  purdytest
  warbler
  watchr
